GEM
  remote: https://rubygems.org/
  specs:
    i18n (0.7.0.beta1)
    json_resume (1.0.3)
      i18n
      mustache
      pdfkit
      rest-client
      thor
      wkhtmltopdf-binary
    mime-types (2.3)
    mustache (0.99.6)
    netrc (0.7.7)
    pdfkit (0.6.2)
    rack (1.6.0.beta2)
    rack-protection (1.5.3)
      rack
    rest-client (1.7.2)
      mime-types (>= 1.16, < 3.0)
      netrc (~> 0.7)
    sinatra (1.4.5)
      rack (~> 1.4)
      rack-protection (~> 1.4)
      tilt (~> 1.3, >= 1.3.4)
    thor (0.19.1)
    tilt (1.4.1)
    wkhtmltopdf-binary (0.9.9.3)

PLATFORMS
  ruby

DEPENDENCIES
  json_resume (~> 1.0.3)
  sinatra
